GIT
  remote: git://github.com/Tomohiro/kris.git
  revision: 6576fbe666b85e25ebbcd51fbde1eb8eb74fa197
  specs:
    kris (0.0.1)
      zircon

GEM
  remote: http://rubygems.org/
  specs:
    coderay (1.0.8)
    domain_name (0.5.7)
      unf (~> 0.0.3)
    google-search (1.0.3)
      json
    guard (1.6.1)
      listen (>= 0.6.0)
      lumberjack (>= 1.0.2)
      pry (>= 0.9.10)
      thor (>= 0.14.6)
    guard-minitest (0.5.0)
      guard (>= 0.4)
    json (1.7.6)
    listen (0.7.2)
    lumberjack (1.0.2)
    mechanize (2.5.1)
      domain_name (~> 0.5, >= 0.5.1)
      mime-types (~> 1.17, >= 1.17.2)
      net-http-digest_auth (~> 1.1, >= 1.1.1)
      net-http-persistent (~> 2.5, >= 2.5.2)
      nokogiri (~> 1.4)
      ntlm-http (~> 0.1, >= 0.1.1)
      webrobots (~> 0.0, >= 0.0.9)
    method_source (0.8.1)
    mime-types (1.19)
    net-http-digest_auth (1.2.1)
    net-http-persistent (2.8)
    nokogiri (1.5.6)
    ntlm-http (0.1.1)
    pry (0.9.11.4)
      coderay (~> 1.0.5)
      method_source (~> 0.8)
      slop (~> 3.4)
    rake (10.0.3)
    slop (3.4.3)
    thor (0.16.0)
    unf (0.0.5)
      unf_ext
    unf_ext (0.0.5)
    webrobots (0.0.13)
    zircon (0.0.4)

PLATFORMS
  ruby

DEPENDENCIES
  google-search
  guard-minitest
  kris!
  mechanize
  rake
