GIT
  remote: git://github.com/Tomohiro/kris.git
  revision: eec71e64558c0deb457b27b87daf9c99f83068f0
  specs:
    kris (0.0.1)
      zircon

GEM
  remote: http://rubygems.org/
  specs:
    domain_name (0.5.6)
      unf (~> 0.0.3)
    i18n (0.6.1)
    mail (2.5.3)
      i18n (>= 0.4.0)
      mime-types (~> 1.16)
      treetop (~> 1.4.8)
    mail-iso-2022-jp (1.3.0)
      mail (>= 2.2.6, <= 2.5.3)
    mechanize (2.5.1)
      domain_name (~> 0.5, >= 0.5.1)
      mime-types (~> 1.17, >= 1.17.2)
      net-http-digest_auth (~> 1.1, >= 1.1.1)
      net-http-persistent (~> 2.5, >= 2.5.2)
      nokogiri (~> 1.4)
      ntlm-http (~> 0.1, >= 0.1.1)
      webrobots (~> 0.0, >= 0.0.9)
    mime-types (1.19)
    net-http-digest_auth (1.2.1)
    net-http-persistent (2.8)
    nokogiri (1.5.6)
    ntlm-http (0.1.1)
    polyglot (0.3.3)
    rake (10.0.3)
    treetop (1.4.12)
      polyglot
      polyglot (>= 0.3.1)
    unf (0.0.5)
      unf_ext
    unf_ext (0.0.5)
    webrobots (0.0.13)
    zircon (0.0.4)

PLATFORMS
  ruby

DEPENDENCIES
  kris!
  mail
  mail-iso-2022-jp
  mechanize
  rake
